GEM
  remote: http://rubygems.org/
  specs:
    benchmark_suite (0.8.0)
    ffi (1.0.11)
    mustache (0.99.4)

PLATFORMS
  java
  ruby

DEPENDENCIES
  benchmark_suite
  ffi
  mustache
